GEM
  remote: https://rubygems.org/
  specs:
    sorbet (0.5.10455)
      sorbet-static (= 0.5.10455)
    sorbet-static (0.5.10455-universal-darwin-14)
    sorbet-static (0.5.10455-universal-darwin-15)
    sorbet-static (0.5.10455-universal-darwin-16)
    sorbet-static (0.5.10455-universal-darwin-17)
    sorbet-static (0.5.10455-universal-darwin-18)
    sorbet-static (0.5.10455-universal-darwin-19)
    sorbet-static (0.5.10455-universal-darwin-20)
    sorbet-static (0.5.10455-universal-darwin-21)
    sorbet-static (0.5.10455-universal-darwin-22)
    sorbet-static (0.5.10455-x86_64-linux)

PLATFORMS
  ruby

DEPENDENCIES
  sorbet

RUBY VERSION
   ruby 3.1.0p0

BUNDLED WITH
   2.3.4
